GEM
  remote: https://rubygems.org/
  specs:
    sequel (4.33.0)
    sqlite3 (1.3.11)

PLATFORMS
  ruby

DEPENDENCIES
  sequel
  sqlite3

BUNDLED WITH
   1.10.6
